GEM
  specs:
    rspec (1.3.1)

PLATFORMS
  ruby

DEPENDENCIES
  rspec
